GEM
  remote: https://rubygems.org/
  specs:
    byebug (11.0.1)
    dotenv (2.7.5)

PLATFORMS
  ruby

DEPENDENCIES
  byebug
  dotenv

BUNDLED WITH
   2.0.2
