GEM
  remote: https://rubygems.org/
  specs:
    byebug (11.1.3)
    dotenv (2.8.1)

PLATFORMS
  ruby

DEPENDENCIES
  byebug
  dotenv

BUNDLED WITH
   2.4.19
